GEM
  remote: https://rubygems.org/
  specs:
    base64 (0.2.0)
    concurrent-ruby (1.3.3)
    digest-crc (0.6.5)
      rake (>= 12.0.0, < 14.0.0)
    dogstatsd-ruby (5.6.1)
    faraday (2.10.1)
      faraday-net_http (>= 2.0, < 3.2)
      logger
    faraday-net_http (3.1.1)
      net-http
    ffi (1.17.0-x86_64-linux-gnu)
    jwt (2.8.2)
      base64
    logger (1.6.0)
    net-http (0.4.1)
      uri
    nokogiri (1.16.7-x86_64-linux)
      racc (~> 1.4)
    racc (1.8.1)
    rake (13.2.1)
    rexml (3.3.4)
      strscan
    ruby-kafka (1.5.0)
      digest-crc
    ruby-macho (4.1.0)
    ruby-ole (1.2.13.1)
    ruby-progressbar (1.13.0)
    ruby-rc4 (0.1.5)
    ruby-saml (1.16.0)
      nokogiri (>= 1.13.10)
      rexml
    ruby-vips (2.2.2)
      ffi (~> 1.12)
      logger
    ruby_parser (3.21.1)
      racc (~> 1.5)
      sexp_processor (~> 4.16)
    sexp_processor (4.17.2)
    statsd-ruby (1.5.0)
    strscan (3.1.0)
    twilio-ruby (7.2.3)
      faraday (>= 0.9, < 3.0)
      jwt (>= 1.5, < 3.0)
      nokogiri (>= 1.6, < 2.0)
    uri (0.13.0)
    yajl-ruby (1.4.3)

PLATFORMS
  x86_64-linux

DEPENDENCIES
  concurrent-ruby (= 1.3.3)
  dogstatsd-ruby (= 5.6.1)
  ruby-kafka (= 1.5.0)
  ruby-macho (= 4.1.0)
  ruby-ole (= 1.2.13.1)
  ruby-progressbar (= 1.13.0)
  ruby-rc4 (= 0.1.5)
  ruby-saml (= 1.16.0)
  ruby-vips (= 2.2.2)
  ruby_parser (= 3.21.1)
  statsd-ruby (= 1.5.0)
  twilio-ruby (= 7.2.3)
  yajl-ruby (= 1.4.3)

BUNDLED WITH
   2.4.10
